GEM
  remote: https://rubygems.org/
  specs:
    addressable (2.8.1)
      public_suffix (>= 2.0.2, < 6.0)
    asciidoctor (2.0.17)
    ffi (1.15.5)
    git (1.12.0)
      addressable (~> 2.8)
      rchardet (~> 1.8)
    listen (3.7.1)
      rb-fsevent (~> 0.10, >= 0.10.3)
      rb-inotify (~> 0.9, >= 0.9.10)
    public_suffix (5.0.0)
    rb-fsevent (0.11.1)
    rb-inotify (0.10.1)
      ffi (~> 1.0)
    rchardet (1.8.0)
    rerun (0.13.1)
      listen (~> 3.0)
    rouge (3.30.0)

PLATFORMS
  arm64-darwin-21

DEPENDENCIES
  asciidoctor
  git
  rerun
  rouge

BUNDLED WITH
   2.3.7
